GEM
  remote: https://rubygems.org/
  specs:
    open4 (1.3.4)
    uspec (0.1.0)

PLATFORMS
  ruby

DEPENDENCIES
  open4
  uspec

BUNDLED WITH
   1.16.2
