GEM
  remote: https://rubygems.org/
  specs:
    open4 (1.3.0)
    uspec (0.0.1)

PLATFORMS
  ruby

DEPENDENCIES
  open4
  uspec
